GEM
  remote: https://rubygems.org/
  specs:
    commander (4.4.4)
      highline (~> 1.7.2)
    highline (1.7.10)
    net-sftp (2.1.2)
      net-ssh (>= 2.6.5)
    net-ssh (4.2.0)

PLATFORMS
  ruby

DEPENDENCIES
  commander
  net-sftp
  net-ssh

BUNDLED WITH
   1.16.1
